GEM
  remote: https://rubygems.org/
  specs:
    addressable (2.3.5)
    diff-lcs (1.2.4)
    file_utils (1.0.7)
    gemcutter (0.7.1)
    gemspec_deps_gen (1.1.2)
      bundler
      file_utils
    haml (4.0.3)
      tilt
    launchy (2.3.0)
      addressable (~> 2.3)
    metaclass (0.0.1)
    mocha (0.14.0)
      metaclass (~> 0.0.1)
    nokogiri (1.5.10)
    rack (1.5.2)
    rack-protection (1.5.0)
      rack
    rspec (2.14.1)
      rspec-core (~> 2.14.0)
      rspec-expectations (~> 2.14.0)
      rspec-mocks (~> 2.14.0)
    rspec-core (2.14.5)
    rspec-expectations (2.14.2)
      diff-lcs (>= 1.1.3, < 2.0)
    rspec-mocks (2.14.3)
    sass (3.2.10)
    sinatra (1.4.3)
      rack (~> 1.4)
      rack-protection (~> 1.4)
      tilt (~> 1.3, >= 1.3.4)
    tilt (1.4.1)
    vegas (0.1.11)
      rack (>= 1.0.0)
    zip (2.0.2)

PLATFORMS
  ruby

DEPENDENCIES
  gemcutter
  gemspec_deps_gen
  haml
  launchy
  mocha
  nokogiri
  rspec
  sass
  sinatra
  vegas
  zip
